GIT
  remote: https://github.com/brianmario/mysql2.git
  revision: 7f4e844fccf6afa888d0bd108d4707a2a7784484
  specs:
    mysql2 (0.5.3)

GIT
  remote: https://github.com/kamipo/mysql2-cs-bind.git
  revision: cdee24b98f8df4b32b677a9ef351f671fdee3a2a
  branch: perf
  specs:
    mysql2-cs-bind (0.1.0)
      mysql2

GEM
  remote: https://rubygems.org/
  specs:
    jwt (2.2.3)
    multi_json (1.15.0)
    mustermann (1.1.1)
      ruby2_keywords (~> 0.0.1)
    newrelic_rpm (7.2.0)
    nio4r (2.5.8)
    oj (3.13.2)
    puma (5.4.0)
      nio4r (~> 2.0)
    rack (2.2.3)
    rack-protection (2.1.0)
      rack
    ruby2_keywords (0.0.5)
    sinatra (2.1.0)
      mustermann (~> 1.0)
      rack (~> 2.2)
      rack-protection (= 2.1.0)
      tilt (~> 2.0)
    sinatra-contrib (2.1.0)
      multi_json
      mustermann (~> 1.0)
      rack-protection (= 2.1.0)
      sinatra (= 2.1.0)
      tilt (~> 2.0)
    tilt (2.0.10)

PLATFORMS
  ruby

DEPENDENCIES
  jwt
  mysql2!
  mysql2-cs-bind!
  newrelic_rpm
  oj
  puma
  sinatra
  sinatra-contrib

BUNDLED WITH
   2.2.3
